GEM
  remote: https://rubygems.org/
  specs:
    byebug (9.1.0)
    rubywarrior (0.1.3)

PLATFORMS
  ruby

DEPENDENCIES
  byebug
  rubywarrior

RUBY VERSION
   ruby 2.4.1p111

BUNDLED WITH
   1.16.0
